GIT
  remote: git://github.com/mongodb/mongo-ruby-driver.git
  revision: cf836bcf81279c66751acf4bfe70c5f660adf759
  specs:
    mongo (3.0.0.alpha)
      bson (~> 2.2)

GEM
  remote: https://rubygems.org/
  specs:
    bson (2.2.4)
    bson_ext (1.5.1)
    haml (4.0.5)
      tilt
    rack (1.5.2)
    rack-protection (1.5.3)
      rack
    sinatra (1.4.5)
      rack (~> 1.4)
      rack-protection (~> 1.4)
      tilt (~> 1.3, >= 1.3.4)
    tilt (1.4.1)

PLATFORMS
  ruby

DEPENDENCIES
  bson_ext
  haml
  mongo!
  sinatra
